GIT
  remote: git://github.com/jerico-dev/acts_as_taggable_on_steroids.git
  revision: fe06dcce1102116b1b44b586c30e2cf6d32264db
  branch: master
  specs:
    acts_as_taggable_on_steroids (1.3)

GIT
  remote: git://github.com/jerico-dev/globalize2.git
  revision: 53d48d188de5e4fc3f2421057d10fd0797b07750
  branch: master
  specs:
    globalize2 (0.2.0)

GEM
  remote: https://dev.cedis.fu-berlin.de/geminabox/
  remote: https://rubygems.org/
  specs:
    actionmailer (4.1.16)
      actionpack (= 4.1.16)
      actionview (= 4.1.16)
      mail (~> 2.5, >= 2.5.4)
    actionpack (4.1.16)
      actionview (= 4.1.16)
      activesupport (= 4.1.16)
      rack (~> 1.5.2)
      rack-test (~> 0.6.2)
    actionview (4.1.16)
      activesupport (= 4.1.16)
      builder (~> 3.1)
      erubis (~> 2.7.0)
    activemodel (4.1.16)
      activesupport (= 4.1.16)
      builder (~> 3.1)
    activerecord (4.1.16)
      activemodel (= 4.1.16)
      activesupport (= 4.1.16)
      arel (~> 5.0.0)
    activesupport (4.1.16)
      i18n (~> 0.6, >= 0.6.9)
      json (~> 1.7, >= 1.7.7)
      minitest (~> 5.1)
      thread_safe (~> 0.1)
      tzinfo (~> 1.1)
    acts-as-dag (4.0.0)
      activemodel
      activerecord (~> 4.0, >= 4.0.0)
    airbrussh (1.1.2)
      sshkit (>= 1.6.1, != 1.7.0)
    archive-authorization (0.0.1)
    archive-player (0.2.7)
      activesupport (>= 2.3.5)
    archive-shared (0.1.10)
    arel (5.0.1.20140414130214)
    bcrypt (3.1.11)
    bcrypt-ruby (3.1.5)
      bcrypt (>= 3.1.3)
    builder (3.2.3)
    capistrano (3.8.0)
      airbrussh (>= 1.0.0)
      i18n
      rake (>= 10.0.0)
      sshkit (>= 1.9.0)
    capybara (1.1.4)
      mime-types (>= 1.16)
      nokogiri (>= 1.3.3)
      rack (>= 1.0.0)
      rack-test (>= 0.5.4)
      selenium-webdriver (~> 2.0)
      xpath (~> 0.1.4)
    celluloid (0.11.0)
    childprocess (0.6.3)
      ffi (~> 1.0, >= 1.0.11)
    cocaine (0.3.2)
    coderay (1.0.9)
    concurrent-ruby (1.0.5)
    cucumber (1.1.0)
      builder (>= 2.1.2)
      diff-lcs (>= 1.1.2)
      gherkin (~> 2.5.0)
      json (>= 1.4.6)
      term-ansicolor (>= 1.0.6)
    cucumber-rails (0.3.2)
      cucumber (>= 0.8.0)
    daemons (1.2.4)
    database_cleaner (1.0.1)
    devise (3.1.0)
      bcrypt-ruby (~> 3.0)
      orm_adapter (~> 0.1)
      railties (>= 3.2.6, < 5)
      thread_safe (~> 0.1)
      warden (~> 1.2.3)
    diff-lcs (1.3)
    domain_name (0.5.20170223)
      unf (>= 0.0.5, < 1.0.0)
    email_spec (0.6.6)
      rspec
    erubis (2.7.0)
    eventmachine (1.2.3)
    exception_notification (2.3.3.0)
    factory_girl (2.6.4)
      activesupport (>= 2.3.9)
    fastercsv (1.5.5)
    ffi (1.9.18)
    formatador (0.2.5)
    gherkin (2.5.4)
      json (>= 1.4.6)
    guard (2.14.1)
      formatador (>= 0.2.4)
      listen (>= 2.7, < 4.0)
      lumberjack (~> 1.0)
      nenv (~> 0.1)
      notiffany (~> 0.0)
      pry (>= 0.9.12)
      shellany (~> 0.0)
      thor (>= 0.18.1)
    guard-compat (1.2.1)
    guard-cucumber (0.7.5)
      cucumber (>= 0.10)
      guard (>= 0.8.3)
    guard-rspec (1.2.2)
      guard (>= 1.1)
    guard-spork (2.1.0)
      childprocess (>= 0.2.3)
      guard (~> 2.0)
      guard-compat (~> 1.0)
      spork (>= 0.8.4)
    highline (1.6.21)
    http-cookie (1.0.3)
      domain_name (~> 0.5)
    i18n (0.8.1)
    i18n-js (3.0.0)
      i18n (~> 0.6, >= 0.6.6)
    json (1.8.6)
    listen (3.1.5)
      rb-fsevent (~> 0.9, >= 0.9.4)
      rb-inotify (~> 0.9, >= 0.9.7)
      ruby_dep (~> 1.2)
    localized_country_select (0.0.1)
    lumberjack (1.0.4)
    mail (2.6.4)
      mime-types (>= 1.16, < 4)
    method_source (0.8.2)
    mime-types (1.25.1)
    minitest (5.10.1)
    multi_json (1.12.1)
    mysql (2.9.1)
    nenv (0.3.0)
    net-scp (1.2.1)
      net-ssh (>= 2.6.5)
    net-ssh (4.1.0)
    netrc (0.11.0)
    nokogiri (1.5.11)
    notiffany (0.1.1)
      nenv (~> 0.1)
      shellany (~> 0.0)
    open4 (1.3.4)
    orm_adapter (0.5.0)
    paperclip (2.8.0)
      activerecord (>= 2.3.0)
      activesupport (>= 2.3.2)
      cocaine (>= 0.0.2)
      mime-types
    pr_geohash (1.0.0)
    pry (0.9.12.2)
      coderay (~> 1.0.5)
      method_source (~> 0.8)
      slop (~> 3.4)
    rack (1.5.5)
    rack-maintenance (2.1.0)
      rack (>= 1.0)
    rack-test (0.6.3)
      rack (>= 1.0)
    rails (4.1.16)
      actionmailer (= 4.1.16)
      actionpack (= 4.1.16)
      actionview (= 4.1.16)
      activemodel (= 4.1.16)
      activerecord (= 4.1.16)
      activesupport (= 4.1.16)
      bundler (>= 1.3.0, < 2.0)
      railties (= 4.1.16)
      sprockets-rails (~> 2.0)
    railties (4.1.16)
      actionpack (= 4.1.16)
      activesupport (= 4.1.16)
      rake (>= 0.8.7)
      thor (>= 0.18.1, < 2.0)
    rake (12.0.0)
    rb-fsevent (0.9.8)
    rb-inotify (0.9.8)
      ffi (>= 0.5.0)
    rdoc (3.12.2)
      json (~> 1.4)
    rest-client (1.8.0)
      http-cookie (>= 1.0.2, < 2.0)
      mime-types (>= 1.16, < 3.0)
      netrc (~> 0.7)
    rsolr (1.0.9)
      builder (>= 2.1.2)
    rspec (1.3.2)
    rspec-rails (1.3.4)
      rack (>= 1.0.0)
      rspec (~> 1.3.1)
    ruby-debug-ide (0.6.0)
      rake (>= 0.8.1)
    ruby_dep (1.5.0)
    rubyzip (0.9.9)
    selenium-webdriver (2.35.1)
      childprocess (>= 0.2.5)
      multi_json (~> 1.0)
      rubyzip (< 1.0.0)
      websocket (~> 1.0.4)
    shellany (0.0.1)
    slop (3.6.0)
    spork (0.8.5)
    sprockets (3.7.1)
      concurrent-ruby (~> 1.0)
      rack (> 1, < 3)
    sprockets-rails (2.3.3)
      actionpack (>= 3.0)
      activesupport (>= 3.0)
      sprockets (>= 2.8, < 4.0)
    sshkit (1.13.1)
      net-scp (>= 1.1.2)
      net-ssh (>= 2.8.0)
    sunspot (2.0.0)
      pr_geohash (~> 1.0)
      rsolr (~> 1.0.7)
    sunspot_rails (2.0.0)
      nokogiri
      sunspot (= 2.0.0)
    sunspot_solr (2.1.0)
    term-ansicolor (1.5.0)
      tins (~> 1.0)
    thin (1.7.0)
      daemons (~> 1.0, >= 1.0.9)
      eventmachine (~> 1.0, >= 1.0.4)
      rack (>= 1, < 3)
    thor (0.19.4)
    thread_safe (0.3.6)
    tins (1.13.2)
    tzinfo (1.2.3)
      thread_safe (~> 0.1)
    unf (0.1.4)
      unf_ext
    unf_ext (0.0.7.2)
    unicode (0.4.4.2)
    warden (1.2.7)
      rack (>= 1.0)
    websocket (1.0.7)
    will_paginate (3.1.5)
    workflow (1.2.0)
    xpath (0.1.4)
      nokogiri (~> 1.3)

PLATFORMS
  ruby

DEPENDENCIES
  acts-as-dag
  acts_as_taggable_on_steroids!
  archive-authorization
  archive-player (>= 0.2.7)
  archive-shared (>= 0.1.8)
  capistrano
  capybara (= 1.1.4)
  celluloid (= 0.11.0)
  cocaine (= 0.3.2)
  cucumber (= 1.1.0)
  cucumber-rails (= 0.3.2)
  database_cleaner (<= 1.0.1)
  devise (= 3.1.0)
  email_spec (= 0.6.6)
  exception_notification (~> 2.3.0)
  factory_girl (~> 2)
  fastercsv
  globalize2!
  guard-cucumber (= 0.7.5)
  guard-rspec
  guard-spork
  highline (= 1.6.21)
  i18n
  i18n-js
  json
  localized_country_select (= 0.0.1)
  lumberjack (= 1.0.4)
  mime-types (~> 1.25)
  mysql
  nokogiri (~> 1.5.0)
  open4
  paperclip (~> 2.3)
  pry (= 0.9.12.2)
  rack-maintenance
  rails (~> 4.1.0)
  rdoc (= 3.12.2)
  rest-client (= 1.8.0)
  rsolr (= 1.0.9)
  rspec (= 1.3.2)
  rspec-rails (= 1.3.4)
  ruby-debug-ide
  selenium-webdriver (= 2.35.1)
  spork (~> 0.8.0)
  sunspot_rails (~> 2.0.0)
  sunspot_solr (= 2.1.0)
  thin
  unicode
  warden (~> 1.2.3)
  will_paginate (~> 3.1.1)
  workflow

RUBY VERSION
   ruby 2.3.3p222

BUNDLED WITH
   1.14.6
