GIT
  remote: git://github.com/jerico-dev/acts_as_taggable_on_steroids.git
  revision: fe06dcce1102116b1b44b586c30e2cf6d32264db
  branch: master
  specs:
    acts_as_taggable_on_steroids (1.3)

GIT
  remote: git://github.com/jerico-dev/globalize2.git
  revision: 53d48d188de5e4fc3f2421057d10fd0797b07750
  branch: master
  specs:
    globalize2 (0.2.0)

GEM
  remote: https://dev.cedis.fu-berlin.de/geminabox/
  remote: https://rubygems.org/
  specs:
    actionmailer (3.1.12)
      actionpack (= 3.1.12)
      mail (~> 2.4.4)
    actionpack (3.1.12)
      activemodel (= 3.1.12)
      activesupport (= 3.1.12)
      builder (~> 3.0.0)
      erubis (~> 2.7.0)
      i18n (~> 0.6)
      rack (~> 1.3.6)
      rack-cache (~> 1.2)
      rack-mount (~> 0.8.2)
      rack-test (~> 0.6.1)
      sprockets (~> 2.0.4)
    activemodel (3.1.12)
      activesupport (= 3.1.12)
      builder (~> 3.0.0)
      i18n (~> 0.6)
    activerecord (3.1.12)
      activemodel (= 3.1.12)
      activesupport (= 3.1.12)
      arel (~> 2.2.3)
      tzinfo (~> 0.3.29)
    activeresource (3.1.12)
      activemodel (= 3.1.12)
      activesupport (= 3.1.12)
    activesupport (3.1.12)
      multi_json (~> 1.0)
    acts-as-dag (3.0.0)
      activemodel
      activerecord
    archive-authorization (0.0.1)
    archive-player (0.2.7)
      activesupport (>= 2.3.5)
    archive-shared (0.1.10)
    arel (2.2.3)
    bcrypt-ruby (2.1.4)
    builder (3.0.4)
    capistrano (2.15.9)
      highline
      net-scp (>= 1.0.0)
      net-sftp (>= 2.0.0)
      net-ssh (>= 2.0.14)
      net-ssh-gateway (>= 1.1.0)
    capybara (1.1.4)
      mime-types (>= 1.16)
      nokogiri (>= 1.3.3)
      rack (>= 1.0.0)
      rack-test (>= 0.5.4)
      selenium-webdriver (~> 2.0)
      xpath (~> 0.1.4)
    childprocess (0.6.2)
      ffi (~> 1.0, >= 1.0.11)
    cocaine (0.3.2)
    coderay (1.0.9)
    cucumber (1.1.0)
      builder (>= 2.1.2)
      diff-lcs (>= 1.1.2)
      gherkin (~> 2.5.0)
      json (>= 1.4.6)
      term-ansicolor (>= 1.0.6)
    cucumber-rails (0.3.2)
      cucumber (>= 0.8.0)
    daemons (1.2.4)
    database_cleaner (1.0.1)
    devise (1.1.0)
      bcrypt-ruby (~> 2.1.2)
      warden (~> 0.10.7)
    diff-lcs (1.3)
    email_spec (0.6.6)
      rspec
    erubis (2.7.0)
    eventmachine (1.2.3)
    exception_notification (2.3.3.0)
    factory_girl (2.6.4)
      activesupport (>= 2.3.9)
    fastercsv (1.5.5)
    ffi (1.9.18)
    formatador (0.2.5)
    gherkin (2.5.4)
      json (>= 1.4.6)
    guard (1.8.3)
      formatador (>= 0.2.4)
      listen (~> 1.3)
      lumberjack (>= 1.0.2)
      pry (>= 0.9.10)
      thor (>= 0.14.6)
    guard-cucumber (0.7.5)
      cucumber (>= 0.10)
      guard (>= 0.8.3)
    guard-rspec (1.2.2)
      guard (>= 1.1)
    guard-spork (1.5.2)
      childprocess (>= 0.2.3)
      guard (~> 1.1)
      spork (>= 0.8.4)
    highline (1.6.21)
    hike (1.2.3)
    i18n (0.6.11)
    i18n-js (2.1.2)
      i18n
    json (1.8.6)
    linecache (1.3.1)
    listen (1.3.1)
      rb-fsevent (>= 0.9.3)
      rb-inotify (>= 0.9)
      rb-kqueue (>= 0.2)
    localized_country_select (0.0.1)
    lumberjack (1.0.4)
    mail (2.4.4)
      i18n (>= 0.4.0)
      mime-types (~> 1.16)
      treetop (~> 1.4.8)
    method_source (0.8.2)
    mime-types (1.25.1)
    multi_json (1.12.1)
    mysql (2.9.1)
    net-scp (1.2.1)
      net-ssh (>= 2.6.5)
    net-sftp (2.1.2)
      net-ssh (>= 2.6.5)
    net-ssh (2.9.4)
    net-ssh-gateway (1.3.0)
      net-ssh (>= 2.6.5)
    nokogiri (1.5.11)
    oniguruma (1.1.0)
    open4 (1.3.4)
    paperclip (2.8.0)
      activerecord (>= 2.3.0)
      activesupport (>= 2.3.2)
      cocaine (>= 0.0.2)
      mime-types
    polyglot (0.3.5)
    pr_geohash (1.0.0)
    pry (0.9.12.2)
      coderay (~> 1.0.5)
      method_source (~> 0.8)
      slop (~> 3.4)
    rack (1.3.10)
    rack-cache (1.2)
      rack (>= 0.4)
    rack-maintenance (2.1.0)
      rack (>= 1.0)
    rack-mount (0.8.3)
      rack (>= 1.0.0)
    rack-ssl (1.3.4)
      rack
    rack-test (0.6.3)
      rack (>= 1.0)
    rails (3.1.12)
      actionmailer (= 3.1.12)
      actionpack (= 3.1.12)
      activerecord (= 3.1.12)
      activeresource (= 3.1.12)
      activesupport (= 3.1.12)
      bundler (~> 1.0)
      railties (= 3.1.12)
    railties (3.1.12)
      actionpack (= 3.1.12)
      activesupport (= 3.1.12)
      rack-ssl (~> 1.3.2)
      rake (>= 0.8.7)
      rdoc (~> 3.4)
      thor (~> 0.14.6)
    rake (0.8.7)
    rb-fsevent (0.9.8)
    rb-inotify (0.9.8)
      ffi (>= 0.5.0)
    rb-kqueue (0.2.4)
      ffi (>= 0.5.0)
    rdoc (3.12.2)
      json (~> 1.4)
    rest-client (1.6.9)
      mime-types (~> 1.16)
    rsolr (1.0.9)
      builder (>= 2.1.2)
    rspec (1.3.2)
    rspec-rails (1.3.4)
      rack (>= 1.0.0)
      rspec (~> 1.3.1)
    ruby-debug-base (0.10.4)
      linecache (>= 0.3)
    ruby-debug-ide (0.6.0)
      rake (>= 0.8.1)
    rubyzip (0.9.9)
    selenium-webdriver (2.35.1)
      childprocess (>= 0.2.5)
      multi_json (~> 1.0)
      rubyzip (< 1.0.0)
      websocket (~> 1.0.4)
    slop (3.6.0)
    spork (0.8.5)
    sprockets (2.0.5)
      hike (~> 1.2)
      rack (~> 1.0)
      tilt (~> 1.1, != 1.3.0)
    sunspot (2.0.0)
      pr_geohash (~> 1.0)
      rsolr (~> 1.0.7)
    sunspot_rails (2.0.0)
      nokogiri
      sunspot (= 2.0.0)
    sunspot_solr (2.1.0)
    term-ansicolor (1.3.2)
      tins (~> 1.0)
    thin (1.7.0)
      daemons (~> 1.0, >= 1.0.9)
      eventmachine (~> 1.0, >= 1.0.4)
      rack (>= 1, < 3)
    thor (0.14.6)
    tilt (1.4.1)
    tins (1.6.0)
    treetop (1.4.15)
      polyglot
      polyglot (>= 0.3.1)
    tzinfo (0.3.52)
    unicode (0.4.4.2)
    warden (0.10.7)
      rack (>= 1.0.0)
    websocket (1.0.7)
    will_paginate (3.1.5)
    workflow (1.2.0)
    xpath (0.1.4)
      nokogiri (~> 1.3)

PLATFORMS
  ruby

DEPENDENCIES
  acts-as-dag
  acts_as_taggable_on_steroids!
  archive-authorization
  archive-player (>= 0.2.7)
  archive-shared (>= 0.1.8)
  capistrano
  capybara (= 1.1.4)
  cocaine (= 0.3.2)
  cucumber (= 1.1.0)
  cucumber-rails (= 0.3.2)
  database_cleaner (<= 1.0.1)
  devise (= 1.1.0)
  email_spec (= 0.6.6)
  exception_notification (~> 2.3.0)
  factory_girl (~> 2)
  fastercsv
  globalize2!
  guard-cucumber (= 0.7.5)
  guard-rspec
  guard-spork
  highline (= 1.6.21)
  i18n
  i18n-js
  json
  localized_country_select (= 0.0.1)
  lumberjack (= 1.0.4)
  mime-types (~> 1.25)
  mysql
  nokogiri (~> 1.5.0)
  oniguruma
  open4
  paperclip (~> 2.3)
  pry (= 0.9.12.2)
  rack-maintenance
  rails (~> 3.1.0)
  rake (= 0.8.7)
  rdoc (= 3.12.2)
  rest-client
  rsolr (= 1.0.9)
  rspec (= 1.3.2)
  rspec-rails (= 1.3.4)
  ruby-debug-base
  ruby-debug-ide
  selenium-webdriver (= 2.35.1)
  spork (~> 0.8.0)
  sunspot_rails (~> 2.0.0)
  sunspot_solr (= 2.1.0)
  thin
  unicode
  warden (= 0.10.7)
  will_paginate (~> 3.1.1)
  workflow

RUBY VERSION
   ruby 1.8.7p376

BUNDLED WITH
   1.14.6
