GIT
  remote: git://github.com/jerico-dev/acts_as_taggable_on_steroids.git
  revision: fe06dcce1102116b1b44b586c30e2cf6d32264db
  branch: master
  specs:
    acts_as_taggable_on_steroids (1.3)

GIT
  remote: git://github.com/jerico-dev/globalize2.git
  revision: b6ebeb7a8d1e9729655f1f4cb2945cc6072a4544
  branch: master
  specs:
    globalize2 (0.2.0)

GIT
  remote: git://github.com/jerico-dev/paperclip.git
  revision: 39f40dc03950584773c94fd6070b2b668d61c4c8
  branch: v2.7
  specs:
    paperclip (2.7.5)
      activerecord (>= 2.3.0)
      activesupport (>= 2.3.2)
      cocaine (~> 0.3.0)
      mime-types

GIT
  remote: git://github.com/jerico-dev/resource_controller.git
  revision: 78502d8a72a4df5ebe54f5e6194a7704b80ece5b
  branch: master
  specs:
    resource_controller (0.6.6)

GIT
  remote: git://github.com/makandra/rails.git
  revision: 12c1ccaab37ff9c8d7a9c47c0a76b768fd81ff5f
  branch: 2-3-lts
  specs:
    actionmailer (2.3.18)
      actionpack (= 2.3.18)
    actionpack (2.3.18)
      activesupport (= 2.3.18)
      rack (~> 1.1.0)
    activerecord (2.3.18)
      activesupport (= 2.3.18)
    activeresource (2.3.18)
      activesupport (= 2.3.18)
    activesupport (2.3.18)
    rails (2.3.18)
      actionmailer (= 2.3.18)
      actionpack (= 2.3.18)
      activerecord (= 2.3.18)
      activeresource (= 2.3.18)
      activesupport (= 2.3.18)
      railslts-version (= 2.3.18.6)
      rake (>= 0.8.3)

GEM
  remote: https://dev.cedis.fu-berlin.de/geminabox/
  remote: https://rubygems.org/
  specs:
    archive-authorization (0.0.1)
    archive-player (0.2.7)
      activesupport (>= 2.3.5)
    archive-shared (0.0.6)
    builder (3.2.2)
    capistrano (2.15.5)
      highline
      net-scp (>= 1.0.0)
      net-sftp (>= 2.0.0)
      net-ssh (>= 2.0.14)
      net-ssh-gateway (>= 1.1.0)
    capybara (1.1.4)
      mime-types (>= 1.16)
      nokogiri (>= 1.3.3)
      rack (>= 1.0.0)
      rack-test (>= 0.5.4)
      selenium-webdriver (~> 2.0)
      xpath (~> 0.1.4)
    childprocess (0.5.1)
      ffi (~> 1.0, >= 1.0.11)
    cocaine (0.3.2)
    coderay (1.0.9)
    cucumber (1.1.0)
      builder (>= 2.1.2)
      diff-lcs (>= 1.1.2)
      gherkin (~> 2.5.0)
      json (>= 1.4.6)
      term-ansicolor (>= 1.0.6)
    cucumber-rails (0.3.2)
      cucumber (>= 0.8.0)
    daemons (1.1.9)
    database_cleaner (1.0.1)
    devise (1.0.8)
      warden (~> 0.10.3)
    diff-lcs (1.2.5)
    email_spec (0.6.6)
      rspec
    eventmachine (1.0.3)
    exception_notification (2.3.3.0)
    factory_girl (2.6.4)
      activesupport (>= 2.3.9)
    fastercsv (1.5.5)
    ffi (1.9.3)
    formatador (0.2.4)
    gherkin (2.5.4)
      json (>= 1.4.6)
    guard (1.8.1)
      formatador (>= 0.2.4)
      listen (>= 1.0.0)
      lumberjack (>= 1.0.2)
      pry (>= 0.9.10)
      thor (>= 0.14.6)
    guard-cucumber (0.7.5)
      cucumber (>= 0.10)
      guard (>= 0.8.3)
    guard-rspec (1.2.1)
      guard (>= 1.1)
    guard-spork (1.5.1)
      childprocess (>= 0.2.3)
      guard (>= 1.1)
      spork (>= 0.8.4)
    highline (1.6.19)
    i18n (0.5.3)
    i18n-js (2.1.2)
      i18n
    json (1.8.0)
    linecache (0.46)
      rbx-require-relative (> 0.0.4)
    listen (1.2.2)
      rb-fsevent (>= 0.9.3)
      rb-inotify (>= 0.9)
      rb-kqueue (>= 0.2)
    localized_country_select (0.0.1)
    lumberjack (1.0.4)
    method_source (0.8.2)
    mime-types (1.25)
    multi_json (1.8.4)
    mysql (2.9.1)
    net-scp (1.1.2)
      net-ssh (>= 2.6.5)
    net-sftp (2.1.2)
      net-ssh (>= 2.6.5)
    net-ssh (2.7.0)
    net-ssh-gateway (1.2.0)
      net-ssh (>= 2.6.5)
    nokogiri (1.5.10)
    open4 (1.3.0)
    pr_geohash (1.0.0)
    pry (0.9.12.2)
      coderay (~> 1.0.5)
      method_source (~> 0.8)
      slop (~> 3.4)
    rack (1.1.6)
    rack-maintenance (1.0.0)
      rack (>= 1.0)
    rack-test (0.6.2)
      rack (>= 1.0)
    railslts-version (2.3.18.6)
    rake (10.1.1)
    rb-fsevent (0.9.3)
    rb-inotify (0.9.2)
      ffi (>= 0.5.0)
    rb-kqueue (0.2.0)
      ffi (>= 0.5.0)
    rbx-require-relative (0.0.9)
    rdoc (3.12.2)
      json (~> 1.4)
    rest-client (1.6.7)
      mime-types (>= 1.16)
    rsolr (1.0.9)
      builder (>= 2.1.2)
    rspec (1.3.2)
    rspec-rails (1.3.4)
      rack (>= 1.0.0)
      rspec (~> 1.3.1)
    ruby-debug-base (0.10.4)
      linecache (>= 0.3)
    ruby-debug-ide (0.4.22)
      rake (>= 0.8.1)
    rubyzip (0.9.9)
    selenium-webdriver (2.35.1)
      childprocess (>= 0.2.5)
      multi_json (~> 1.0)
      rubyzip (< 1.0.0)
      websocket (~> 1.0.4)
    slop (3.4.6)
    smurf (1.0.8)
    spork (0.8.5)
    sunspot (2.0.0)
      pr_geohash (~> 1.0)
      rsolr (~> 1.0.7)
    sunspot_rails (2.0.0)
      nokogiri
      sunspot (= 2.0.0)
    sunspot_solr (2.1.0)
    term-ansicolor (1.3.0)
      tins (~> 1.0)
    thin (1.5.1)
      daemons (>= 1.0.9)
      eventmachine (>= 0.12.6)
      rack (>= 1.0.0)
    thor (0.18.1)
    tins (1.0.0)
    unicode (0.4.4)
    warden (0.10.7)
      rack (>= 1.0.0)
    websocket (1.0.7)
    will_paginate (2.3.16)
    workflow (1.0.0)
    xpath (0.1.4)
      nokogiri (~> 1.3)

PLATFORMS
  ruby

DEPENDENCIES
  acts_as_taggable_on_steroids!
  archive-authorization
  archive-player (>= 0.2.7)
  archive-shared (>= 0.0.6)
  capistrano
  capybara (= 1.1.4)
  cucumber (= 1.1.0)
  cucumber-rails (= 0.3.2)
  database_cleaner (<= 1.0.1)
  devise (= 1.0.8)
  email_spec (= 0.6.6)
  exception_notification (~> 2.3.0)
  factory_girl (~> 2)
  fastercsv
  globalize2!
  guard-cucumber (= 0.7.5)
  guard-rspec
  guard-spork
  i18n (<= 0.6.11)
  i18n-js
  json
  localized_country_select (= 0.0.1)
  mime-types (~> 1.25)
  mysql
  nokogiri (~> 1.5.0)
  open4
  paperclip!
  rack-maintenance
  rails!
  rake
  rdoc
  resource_controller!
  rest-client
  rspec
  rspec-rails
  ruby-debug-base
  ruby-debug-ide
  selenium-webdriver (= 2.35.1)
  smurf
  spork (~> 0.8.0)
  sunspot_rails (~> 2.0.0)
  sunspot_solr
  thin
  unicode
  warden (= 0.10.7)
  will_paginate (~> 2.3)
  workflow
