GIT
  remote: git://github.com/jerico-dev/acts_as_taggable_on_steroids.git
  revision: fe06dcce1102116b1b44b586c30e2cf6d32264db
  branch: master
  specs:
    acts_as_taggable_on_steroids (1.3)

GEM
  remote: https://dev.cedis.fu-berlin.de/geminabox/
  remote: https://rubygems.org/
  specs:
    actionmailer (2.3.18)
      actionpack (= 2.3.18)
    actionpack (2.3.18)
      activesupport (= 2.3.18)
      rack (~> 1.1.0)
    activerecord (2.3.18)
      activesupport (= 2.3.18)
    activeresource (2.3.18)
      activesupport (= 2.3.18)
    activesupport (2.3.18)
    archive-authentication (0.1.2)
      devise (= 1.0.8)
    archive-authorization (0.0.1)
    archive-player (0.2.1)
      activesupport (~> 2.3)
    capistrano (2.15.5)
      highline
      net-scp (>= 1.0.0)
      net-sftp (>= 2.0.0)
      net-ssh (>= 2.0.14)
      net-ssh-gateway (>= 1.1.0)
    cocaine (0.3.2)
    daemons (1.1.9)
    devise (1.0.8)
      warden (~> 0.10.3)
    escape (0.0.4)
    exception_notification (2.3.3.0)
    fastercsv (1.5.5)
    highline (1.6.19)
    json (1.8.0)
    linecache (0.46)
      rbx-require-relative (> 0.0.4)
    localized_country_select (0.0.1)
    mime-types (1.25)
    mysql (2.9.1)
    net-scp (1.1.2)
      net-ssh (>= 2.6.5)
    net-sftp (2.1.2)
      net-ssh (>= 2.6.5)
    net-ssh (2.7.0)
    net-ssh-gateway (1.2.0)
      net-ssh (>= 2.6.5)
    nokogiri (1.5.10)
    open4 (1.3.0)
    paperclip (2.7.5)
      activerecord (>= 2.3.0)
      activesupport (>= 2.3.2)
      cocaine (~> 0.3.0)
      mime-types
    rack (1.1.6)
    rack-maintenance (1.0.0)
      rack (>= 1.0)
    rails (2.3.18)
      actionmailer (= 2.3.18)
      actionpack (= 2.3.18)
      activerecord (= 2.3.18)
      activeresource (= 2.3.18)
      activesupport (= 2.3.18)
      rake (>= 0.8.3)
    rake (10.1.0)
    rbx-require-relative (0.0.9)
    rdoc (3.12.2)
      json (~> 1.4)
    resource_controller (0.6.6)
    rsolr (0.9.7.2)
    rsolr-ext (0.9.6.5)
      rsolr (>= 0.9.6)
    rspec (1.3.2)
    rspec-rails (1.3.4)
      rack (>= 1.0.0)
      rspec (~> 1.3.1)
    ruby-debug-base (0.10.4)
      linecache (>= 0.3)
    ruby-debug-ide (0.4.18)
      rake (>= 0.8.1)
    smurf (1.0.8)
    sunspot (0.10.8)
      daemons (~> 1.0)
      rsolr (>= 0.9.6)
    sunspot_rails (0.11.5)
      escape (>= 0.0.4)
      sunspot (>= 0.10.6, <= 0.10.8)
      sunspot (>= 0.10.6, <= 0.10.8)
    unicode (0.4.4)
    warden (0.10.7)
      rack (>= 1.0.0)
    will_paginate (2.3.16)
    workflow (1.0.0)

PLATFORMS
  ruby

DEPENDENCIES
  acts_as_taggable_on_steroids!
  archive-authentication
  archive-authorization
  archive-player
  capistrano
  daemons
  devise (= 1.0.8)
  escape
  exception_notification (~> 2.3.0)
  fastercsv
  localized_country_select (= 0.0.1)
  mysql
  nokogiri (~> 1.5.0)
  open4
  paperclip (~> 2.7.5)
  rack-maintenance
  rails (~> 2.3)
  rake
  rdoc (~> 3.12.0)
  resource_controller
  rsolr (~> 0.9.7)
  rsolr-ext (~> 0.9.6)
  rspec (~> 1.3)
  rspec-rails (~> 1.3)
  ruby-debug-base
  ruby-debug-ide
  smurf
  sunspot (= 0.10.8)
  sunspot_rails (= 0.11.5)
  unicode
  warden (= 0.10.7)
  will_paginate (~> 2.3)
  workflow
